GEM
  remote: https://rubygems.org/
  specs:
    activemodel (5.1.3)
      activesupport (= 5.1.3)
    activerecord (5.1.3)
      activemodel (= 5.1.3)
      activesupport (= 5.1.3)
      arel (~> 8.0)
    activesupport (5.1.3)
      concurrent-ruby (~> 1.0, >= 1.0.2)
      i18n (~> 0.7)
      minitest (~> 5.1)
      tzinfo (~> 1.1)
    arel (8.0.0)
    concurrent-ruby (1.0.5)
    database_cleaner (1.5.3)
    faker (1.8.4)
      i18n (~> 0.5)
    i18n (0.8.6)
    minitest (5.10.3)
    rake (12.0.0)
    sqlite3 (1.3.13)
    thread_safe (0.3.6)
    tzinfo (1.2.3)
      thread_safe (~> 0.1)

PLATFORMS
  ruby

DEPENDENCIES
  activerecord (~> 5.0)
  activesupport (~> 5.0)
  database_cleaner (~> 1.5.3)
  faker
  rake (~> 12.0.0)
  sqlite3 (~> 1.3.13)

RUBY VERSION
   ruby 2.3.3p222

BUNDLED WITH
   1.15.3
